GEM
  remote: http://rubygems.org/
  specs:
    addressable (2.3.5)
    awesome_print (1.1.0)
    aws-sdk (1.13.0)
      json (~> 1.4)
      nokogiri (< 1.6.0)
      uuidtools (~> 2.1)
    dropbox-sdk (1.6.1)
      json
    faraday (0.8.8)
      multipart-post (~> 1.2.0)
    faraday_middleware (0.9.0)
      faraday (>= 0.7.4, < 0.9)
    hashie (2.0.5)
    json (1.8.0)
    multi_json (1.7.8)
    multipart-post (1.2.0)
    netrc (0.7.7)
    nokogiri (1.5.9)
    octokit (1.25.0)
      addressable (~> 2.2)
      faraday (~> 0.8)
      faraday_middleware (~> 0.9)
      hashie (~> 2.0)
      multi_json (~> 1.3)
      netrc (~> 0.7.7)
    uuidtools (2.1.3)

PLATFORMS
  ruby

DEPENDENCIES
  awesome_print
  aws-sdk
  dropbox-sdk
  octokit
